GEM
  remote: http://rubygems.org/
  specs:
    xml-simple (1.1.2)

PLATFORMS
  ruby

DEPENDENCIES
  xml-simple (~> 1.1.2)
